GEM
  remote: https://rubygems.org/
  specs:
    cool.io (1.1.1)
      iobuffer (>= 1.0.0)
    fluent-plugin-snmp (0.0.8)
      fluentd
      polling
      snmp
    fluentd (0.10.41)
      cool.io (~> 1.1.1)
      http_parser.rb (~> 0.5.1)
      json (>= 1.4.3)
      msgpack (>= 0.4.4, < 0.6.0, != 0.5.3, != 0.5.2, != 0.5.1, != 0.5.0)
      yajl-ruby (~> 1.0)
    http_parser.rb (0.5.3)
    iobuffer (1.1.2)
    json (1.8.1)
    msgpack (0.5.8)
    polling (0.1.3)
    snmp (1.1.1)
    yajl-ruby (1.1.0)

PLATFORMS
  ruby

DEPENDENCIES
  fluent-plugin-snmp
  fluentd
